PATH
  remote: ../
  specs:
    kakao_push (0.1.0)
      faraday (~> 0.9.2)
      faraday_middleware (~> 0.10.0)
      multi_json

GEM
  remote: https://rubygems.org/
  specs:
    faraday (0.9.2)
      multipart-post (>= 1.2, < 3)
    faraday_middleware (0.10.0)
      faraday (>= 0.7.4, < 0.10)
    multi_json (1.11.2)
    multipart-post (2.0.0)

PLATFORMS
  ruby

DEPENDENCIES
  kakao_push!

BUNDLED WITH
   1.10.6
